GEM
  remote: http://rubygems.org/
  specs:
    appium_lib (0.18.2)
      awesome_print (~> 1.2.0)
      json (~> 1.8.1)
      posix-spawn (~> 0.3.8)
      selenium-webdriver (~> 2.39.0)
      toml (~> 0.0.4)
      webkit_remote (~> 0.4.1)
    awesome_print (1.2.0)
    blankslate (2.1.2.4)
    builder (3.2.0)
    childprocess (0.4.0)
      ffi (~> 1.0, >= 1.0.11)
    cucumber (1.2.5)
      builder (>= 2.1.2)
      diff-lcs (>= 1.1.3)
      gherkin (~> 2.11.7)
      multi_json (~> 1.3)
    data_magic (0.15.2)
      faker (>= 1.1.2)
      yml_reader (>= 0.2)
    diff-lcs (1.2.4)
    eventmachine (1.0.3)
    faker (1.1.2)
      i18n (~> 0.5)
    faye-websocket (0.7.2)
      eventmachine (>= 0.12.0)
      websocket-driver (>= 0.3.1)
    ffi (1.9.3)
    gherkin (2.11.8)
      multi_json (~> 1.3)
    i18n (0.6.1)
    json (1.8.1)
    multi_json (1.7.9)
    page_navigation (0.9)
      data_magic (>= 0.14)
    parslet (1.5.0)
      blankslate (~> 2.0)
    posix-spawn (0.3.8)
    require_all (1.2.1)
    rspec (2.14.1)
      rspec-core (~> 2.14.0)
      rspec-expectations (~> 2.14.0)
      rspec-mocks (~> 2.14.0)
    rspec-core (2.14.4)
    rspec-expectations (2.14.0)
      diff-lcs (>= 1.1.3, < 2.0)
    rspec-mocks (2.14.1)
    rubyzip (1.1.0)
    selenium-webdriver (2.39.0)
      childprocess (>= 0.2.5)
      multi_json (~> 1.0)
      rubyzip (~> 1.0)
      websocket (~> 1.0.4)
    toml (0.0.4)
      parslet
    webkit_remote (0.4.1)
      eventmachine (>= 1.0.0)
      faye-websocket (>= 0.4.6)
      posix-spawn (>= 0.3.6)
    websocket (1.0.7)
    websocket-driver (0.3.2)
    yml_reader (0.2)

PLATFORMS
  ruby

DEPENDENCIES
  appium_lib (= 0.18.2)
  cucumber
  page_navigation
  require_all
  rspec
  selenium-webdriver (= 2.39.0)
